GEM
  remote: http://rubygems.org/
  specs:
    hashie (1.2.0)
    jaccard (1.0.2)
    json (1.6.6)
    nest (1.1.1)
      redis
    ohm (1.0.2)
      nest (~> 1.0)
      redis (~> 2.2)
      scrivener (~> 0.0.3)
    rake (0.9.2.2)
    redis (2.2.2)
    scrivener (0.0.3)

PLATFORMS
  ruby

DEPENDENCIES
  hashie
  jaccard
  json
  ohm
  rake
